PATH
  remote: .
  specs:
    gatorate (0.0.1)
      awesome_print
      dcell
      gli (= 2.4.1)
      haml
      ipaddress
      json
      sinatra
      smart_colored
      thin
      vegas

GEM
  remote: http://rubygems.org/
  specs:
    aruba (0.4.11)
      childprocess (>= 0.2.3)
      cucumber (>= 1.1.1)
      ffi (>= 1.0.11)
      rspec (>= 2.7.0)
    awesome_print (1.1.0)
    builder (3.1.3)
    celluloid (0.12.3)
      facter (>= 1.6.12)
      timers (>= 1.0.0)
    celluloid-io (0.12.0)
      celluloid (~> 0.12.0)
      nio4r (>= 0.4.0)
    celluloid-zmq (0.12.0)
      celluloid (~> 0.12.0)
      celluloid-io (~> 0.12.0)
      ffi
      ffi-rzmq
    certified (0.1.1)
    childprocess (0.3.6)
      ffi (~> 1.0, >= 1.0.6)
    cucumber (1.2.1)
      builder (>= 2.1.2)
      diff-lcs (>= 1.1.3)
      gherkin (~> 2.11.0)
      json (>= 1.4.6)
    daemons (1.1.9)
    dcell (0.11.0)
      celluloid (~> 0.12.0)
      celluloid-zmq (~> 0.12.0)
      moneta
      redis
      redis-namespace
      reel
    diff-lcs (1.1.3)
    eventmachine (1.0.0)
    facter (1.6.14)
    ffi (1.1.5)
    ffi-rzmq (0.9.6)
      ffi
    gherkin (2.11.2)
      json (>= 1.4.6)
    gli (2.4.1)
    haml (3.1.7)
    http (0.4.0)
      certified
      http_parser.rb
    http_parser.rb (0.5.3)
    ipaddress (0.8.0)
    json (1.7.5)
    metaclass (0.0.1)
    mocha (0.12.6)
      metaclass (~> 0.0.1)
    moneta (0.6.0)
    nio4r (0.4.0)
    rack (1.4.1)
    rack-protection (1.2.0)
      rack
    rake (0.9.2.2)
    rdoc (3.12)
      json (~> 1.4)
    redis (3.0.2)
    redis-namespace (1.2.1)
      redis (~> 3.0.0)
    reel (0.2.0)
      celluloid-io (>= 0.8.0)
      http (>= 0.2.0)
      http_parser.rb (>= 0.5.3)
      rack (>= 1.4.0)
      websocket_parser (>= 0.1.0)
    rspec (2.11.0)
      rspec-core (~> 2.11.0)
      rspec-expectations (~> 2.11.0)
      rspec-mocks (~> 2.11.0)
    rspec-core (2.11.1)
    rspec-expectations (2.11.3)
      diff-lcs (~> 1.1.3)
    rspec-mocks (2.11.3)
    sinatra (1.3.3)
      rack (~> 1.3, >= 1.3.6)
      rack-protection (~> 1.2)
      tilt (~> 1.3, >= 1.3.3)
    smart_colored (1.1.1)
    thin (1.5.0)
      daemons (>= 1.0.9)
      eventmachine (>= 0.12.6)
      rack (>= 1.0.0)
    tilt (1.3.3)
    timers (1.0.1)
    vegas (0.1.11)
      rack (>= 1.0.0)
    websocket_parser (0.1.1)
      http
    wiringpi (1.1.0)

PLATFORMS
  ruby

DEPENDENCIES
  aruba
  gatorate!
  mocha
  rake
  rdoc
  wiringpi
